GEM
  remote: https://rubygems.org/
  specs:
    colorize (0.8.1)
    rack (1.6.11)
    rack-protection (1.5.5)
      rack
    sinatra (1.4.8)
      rack (~> 1.5)
      rack-protection (~> 1.4)
      tilt (>= 1.3, < 3)
    tilt (2.0.9)

PLATFORMS
  x64-mingw32

DEPENDENCIES
  colorize (~> 0.8.1)
  sinatra (~> 1.4.0)

RUBY VERSION
   ruby 2.4.5p335

BUNDLED WITH
   1.17.1
